GEM
  remote: http://rubygems.org/
  specs:
    coderay (1.0.7)
    httparty (0.8.3)
      multi_json (~> 1.0)
      multi_xml
    method_source (0.8)
    multi_json (1.3.6)
    multi_xml (0.5.1)
    pry (0.9.10)
      coderay (~> 1.0.5)
      method_source (~> 0.8)
      slop (~> 3.3.1)
    rack (1.4.1)
    rack-protection (1.2.0)
      rack
    sinatra (1.3.2)
      rack (~> 1.3, >= 1.3.6)
      rack-protection (~> 1.2)
      tilt (~> 1.3, >= 1.3.3)
    slop (3.3.2)
    tilt (1.3.3)

PLATFORMS
  ruby

DEPENDENCIES
  httparty
  pry
  sinatra
